GEM
  remote: https://rubygems.org/
  specs:
    byebug (6.0.2)
    json (1.8.3)

PLATFORMS
  ruby

DEPENDENCIES
  byebug
  json

BUNDLED WITH
   1.10.6
